GEM
  remote: https://rubygems.org/
  specs:
    daemons (1.1.9)
    eventmachine (1.2.0.1)
    json_pure (2.0.2)
    nats (0.5.0.beta.12)
      daemons (>= 1.1.9)
      eventmachine (>= 1.0.3)
      json_pure (>= 1.8.0)
      thin (>= 1.5.0)
    rack (2.0.1)
    thin (1.7.0)
      daemons (~> 1.0, >= 1.0.9)
      eventmachine (~> 1.0, >= 1.0.4)
      rack (>= 1, < 3)
    yajl-ruby (1.1.0)

PLATFORMS
  ruby

DEPENDENCIES
  daemons (= 1.1.9)
  eventmachine (= 1.2.0.1)
  nats (= 0.5.0.beta.12)
  yajl-ruby (= 1.1.0)

BUNDLED WITH
   1.11.2
